NUGET
  remote: http://api.nuget.org/v3/index.json
    Argu (3.7)
      FSharp.Core (>= 4.0.1.7-alpha) - restriction: || (>= net463) (>= netstandard1.6)
      NETStandard.Library (>= 1.6) - restriction: || (>= net463) (>= netstandard1.6)
      System.Xml.XDocument (>= 4.0.11) - restriction: || (>= net463) (>= netstandard1.6)
    ExcelDataReader (3.1)
      NETStandard.Library (>= 1.6.1) - restriction: >= netstandard1.3
      SharpZipLib (>= 0.86) - restriction: == net20
      System.Data.Common (>= 4.3) - restriction: >= netstandard1.3
    Exira.ErrorHandling (0.2.39)
      FSharp.Core
    Exira.SimpleHttpServer (1.0.6)
      Argu
      Exira.ErrorHandling
      FSharp.Core
      Microsoft.Owin.Host.HttpListener
      Microsoft.Owin.Hosting
      Microsoft.Owin.StaticFiles
    FAKE (4.63.2)
    FSharp.Core (4.2.3)
      System.Collections (>= 4.0.11) - restriction: >= netstandard1.6
      System.Console (>= 4.0) - restriction: >= netstandard1.6
      System.Diagnostics.Debug (>= 4.0.11) - restriction: >= netstandard1.6
      System.Diagnostics.Tools (>= 4.0.1) - restriction: >= netstandard1.6
      System.Globalization (>= 4.0.11) - restriction: >= netstandard1.6
      System.IO (>= 4.1) - restriction: >= netstandard1.6
      System.Linq (>= 4.1) - restriction: >= netstandard1.6
      System.Linq.Expressions (>= 4.1) - restriction: >= netstandard1.6
      System.Linq.Queryable (>= 4.0.1) - restriction: >= netstandard1.6
      System.Net.Requests (>= 4.0.11) - restriction: >= netstandard1.6
      System.Reflection (>= 4.1) - restriction: >= netstandard1.6
      System.Reflection.Extensions (>= 4.0.1) - restriction: >= netstandard1.6
      System.Resources.ResourceManager (>= 4.0.1) - restriction: >= netstandard1.6
      System.Runtime (>= 4.1) - restriction: >= netstandard1.6
      System.Runtime.Extensions (>= 4.1) - restriction: >= netstandard1.6
      System.Runtime.Numerics (>= 4.0.1) - restriction: >= netstandard1.6
      System.Text.RegularExpressions (>= 4.1) - restriction: >= netstandard1.6
      System.Threading (>= 4.0.11) - restriction: >= netstandard1.6
      System.Threading.Tasks (>= 4.0.11) - restriction: >= netstandard1.6
      System.Threading.Tasks.Parallel (>= 4.0.1) - restriction: >= netstandard1.6
      System.Threading.Thread (>= 4.0) - restriction: >= netstandard1.6
      System.Threading.ThreadPool (>= 4.0.10) - restriction: >= netstandard1.6
      System.Threading.Timer (>= 4.0.1) - restriction: >= netstandard1.6
    FSharp.Data (2.3.3)
      Zlib.Portable (>= 1.11) - restriction: || (>= portable-net45+win8+sl5) (>= portable-net45+win8+wp8+wpa81)
    HtmlAgilityPack (1.5.5)
      Microsoft.NETCore.UniversalWindowsPlatform (>= 5.2.3) - restriction: == uap10.0
      NETStandard.Library (>= 1.6.1) - restriction: >= netstandard1.6
      System.Net.Http (>= 4.3.1) - restriction: || (== netstandard1.3) (>= netstandard1.6)
      System.Net.Http (>= 4.3.2) - restriction: || (== uap10.0) (>= netstandard1.6)
      System.Xml.XmlDocument (>= 4.3) - restriction: || (== netstandard1.3) (>= netstandard1.6)
      System.Xml.XPath (>= 4.3) - restriction: || (== uap10.0) (== netstandard1.3) (>= netstandard1.6)
      System.Xml.XPath.XDocument (>= 4.3) - restriction: == uap10.0
      System.Xml.XPath.XmlDocument (>= 4.3) - restriction: || (== uap10.0) (== netstandard1.3) (>= netstandard1.6)
    ImageProcessor (2.5.5)
    IntelliFactory.Xml (0.6.64.1)
    MarkdownSharp (1.13)
    Microsoft.CSharp (4.4) - restriction: == uap10.0
    Microsoft.Net.Native.Compiler (1.7) - restriction: == uap10.0
      Microsoft.Net.Native.SharedLibrary-arm (>= 1.7)
      Microsoft.Net.Native.SharedLibrary-x64 (>= 1.7)
      Microsoft.Net.Native.SharedLibrary-x86 (>= 1.7)
    Microsoft.Net.Native.SharedLibrary-arm (1.7) - restriction: == uap10.0
    Microsoft.Net.Native.SharedLibrary-x64 (1.7) - restriction: == uap10.0
    Microsoft.Net.Native.SharedLibrary-x86 (1.7) - restriction: == uap10.0
    Microsoft.NETCore (5.0.2) - restriction: == uap10.0
      Microsoft.CSharp (>= 4.0.1)
      Microsoft.NETCore.Platforms (>= 1.0.1)
      Microsoft.VisualBasic (>= 10.0.1)
      System.AppContext (>= 4.1)
      System.Collections (>= 4.0.11)
      System.Collections.Concurrent (>= 4.0.12)
      System.Collections.Immutable (>= 1.2)
      System.ComponentModel (>= 4.0.1)
      System.ComponentModel.Annotations (>= 4.1)
      System.Diagnostics.Debug (>= 4.0.11)
      System.Diagnostics.Tools (>= 4.0.1)
      System.Diagnostics.Tracing (>= 4.1)
      System.Dynamic.Runtime (>= 4.0.11)
      System.Globalization (>= 4.0.11)
      System.Globalization.Calendars (>= 4.0.1)
      System.Globalization.Extensions (>= 4.0.1)
      System.IO (>= 4.1)
      System.IO.Compression (>= 4.1.1)
      System.IO.Compression.ZipFile (>= 4.0.1)
      System.IO.FileSystem (>= 4.0.1)
      System.IO.FileSystem.Primitives (>= 4.0.1)
      System.IO.UnmanagedMemoryStream (>= 4.0.1)
      System.Linq (>= 4.1)
      System.Linq.Expressions (>= 4.1)
      System.Linq.Parallel (>= 4.0.1)
      System.Linq.Queryable (>= 4.0.1)
      System.Net.Http (>= 4.1)
      System.Net.NetworkInformation (>= 4.1)
      System.Net.Primitives (>= 4.0.11)
      System.Numerics.Vectors (>= 4.1.1)
      System.ObjectModel (>= 4.0.12)
      System.Reflection (>= 4.1)
      System.Reflection.DispatchProxy (>= 4.0.1)
      System.Reflection.Extensions (>= 4.0.1)
      System.Reflection.Metadata (>= 1.3)
      System.Reflection.Primitives (>= 4.0.1)
      System.Reflection.TypeExtensions (>= 4.1)
      System.Resources.ResourceManager (>= 4.0.1)
      System.Runtime (>= 4.1)
      System.Runtime.Extensions (>= 4.1)
      System.Runtime.Handles (>= 4.0.1)
      System.Runtime.InteropServices (>= 4.1)
      System.Runtime.Numerics (>= 4.0.1)
      System.Security.Claims (>= 4.0.1)
      System.Security.Principal (>= 4.0.1)
      System.Text.Encoding (>= 4.0.11)
      System.Text.Encoding.Extensions (>= 4.0.11)
      System.Text.RegularExpressions (>= 4.1)
      System.Threading (>= 4.0.11)
      System.Threading.Tasks (>= 4.0.11)
      System.Threading.Tasks.Dataflow (>= 4.6)
      System.Threading.Tasks.Parallel (>= 4.0.1)
      System.Threading.Timer (>= 4.0.1)
      System.Xml.ReaderWriter (>= 4.0.11)
      System.Xml.XDocument (>= 4.0.11)
    Microsoft.NETCore.Jit (2.0) - restriction: == uap10.0
    Microsoft.NETCore.Platforms (2.0) - restriction: || (== net45) (== net451) (>= netstandard1.3)
    Microsoft.NETCore.Portable.Compatibility (1.0.2) - restriction: == uap10.0
    Microsoft.NETCore.Runtime.CoreCLR (2.0) - restriction: == uap10.0
      Microsoft.NETCore.Jit (>= 2.0)
    Microsoft.NETCore.Targets (2.0) - restriction: || (== net45) (== net451) (>= netstandard1.3)
    Microsoft.NETCore.UniversalWindowsPlatform (5.4) - restriction: == uap10.0
      Microsoft.Net.Native.Compiler (>= 1.7)
      Microsoft.NETCore (>= 5.0.2)
      Microsoft.NETCore.Portable.Compatibility (>= 1.0.2)
      Microsoft.NETCore.Runtime.CoreCLR (>= 1.0.3)
      Microsoft.NETCore.Targets (>= 1.0.2)
      Microsoft.Win32.Primitives (>= 4.0.1)
      System.Collections.NonGeneric (>= 4.0.1)
      System.Collections.Specialized (>= 4.0.1)
      System.ComponentModel.EventBasedAsync (>= 4.0.11)
      System.Data.Common (>= 4.1)
      System.Diagnostics.Contracts (>= 4.0.1)
      System.Diagnostics.StackTrace (>= 4.0.2)
      System.IO.IsolatedStorage (>= 4.0.1)
      System.Net.Http.Rtc (>= 4.0.1)
      System.Net.NameResolution (>= 4.0)
      System.Net.Requests (>= 4.0.11)
      System.Net.Sockets (>= 4.1)
      System.Net.WebHeaderCollection (>= 4.0.1)
      System.Net.WebSockets (>= 4.0)
      System.Net.WebSockets.Client (>= 4.0)
      System.Numerics.Vectors.WindowsRuntime (>= 4.0.1)
      System.Reflection.Context (>= 4.0.1)
      System.Runtime.InteropServices.WindowsRuntime (>= 4.0.1)
      System.Runtime.Serialization.Json (>= 4.0.3)
      System.Runtime.Serialization.Primitives (>= 4.1.1)
      System.Runtime.Serialization.Xml (>= 4.1.2)
      System.Runtime.WindowsRuntime (>= 4.0.11)
      System.Runtime.WindowsRuntime.UI.Xaml (>= 4.0.1)
      System.ServiceModel.Duplex (>= 4.0.1)
      System.ServiceModel.Http (>= 4.1)
      System.ServiceModel.NetTcp (>= 4.1)
      System.ServiceModel.Primitives (>= 4.1)
      System.ServiceModel.Security (>= 4.0.1)
      System.Text.Encoding.CodePages (>= 4.0.1)
      System.Threading.Overlapped (>= 4.0.1)
      System.Xml.XmlDocument (>= 4.0.1)
      System.Xml.XmlSerializer (>= 4.0.11)
    Microsoft.Owin (3.1)
      Owin (>= 1.0)
    Microsoft.Owin.FileSystems (3.1)
    Microsoft.Owin.Host.HttpListener (3.1)
    Microsoft.Owin.Hosting (3.1)
      Microsoft.Owin (>= 3.1)
      Owin (>= 1.0)
    Microsoft.Owin.StaticFiles (3.1)
      Microsoft.Owin (>= 3.1)
      Microsoft.Owin.FileSystems (>= 3.1)
      Owin (>= 1.0)
    Microsoft.VisualBasic (10.2) - restriction: == uap10.0
    Microsoft.Win32.Primitives (4.3) - restriction: >= netstandard1.3
      Microsoft.NETCore.Platforms (>= 1.1) - restriction: >= netstandard1.3
      Microsoft.NETCore.Targets (>= 1.1) - restriction: >= netstandard1.3
      System.Runtime (>= 4.3) - restriction: >= netstandard1.3
    NETStandard.Library (2.0) - restriction: >= netstandard1.3
      Microsoft.NETCore.Platforms (>= 1.1)
      Microsoft.Win32.Primitives (>= 4.3) - restriction: >= netstandard1.3
      System.AppContext (>= 4.3) - restriction: >= netstandard1.3
      System.Collections (>= 4.3) - restriction: >= netstandard1.0
      System.Collections.Concurrent (>= 4.3) - restriction: >= netstandard1.1
      System.Console (>= 4.3) - restriction: >= netstandard1.3
      System.Diagnostics.Debug (>= 4.3) - restriction: >= netstandard1.0
      System.Diagnostics.Tools (>= 4.3) - restriction: >= netstandard1.0
      System.Diagnostics.Tracing (>= 4.3) - restriction: >= netstandard1.1
      System.Globalization (>= 4.3) - restriction: >= netstandard1.0
      System.Globalization.Calendars (>= 4.3) - restriction: >= netstandard1.3
      System.IO (>= 4.3) - restriction: >= netstandard1.0
      System.IO.Compression (>= 4.3) - restriction: >= netstandard1.1
      System.IO.Compression.ZipFile (>= 4.3) - restriction: >= netstandard1.3
      System.IO.FileSystem (>= 4.3) - restriction: >= netstandard1.3
      System.IO.FileSystem.Primitives (>= 4.3) - restriction: >= netstandard1.3
      System.Linq (>= 4.3) - restriction: >= netstandard1.0
      System.Linq.Expressions (>= 4.3) - restriction: >= netstandard1.0
      System.Net.Http (>= 4.3.2) - restriction: >= netstandard1.1
      System.Net.Primitives (>= 4.3) - restriction: >= netstandard1.0
      System.Net.Sockets (>= 4.3) - restriction: >= netstandard1.3
      System.ObjectModel (>= 4.3) - restriction: >= netstandard1.0
      System.Reflection (>= 4.3) - restriction: >= netstandard1.0
      System.Reflection.Extensions (>= 4.3) - restriction: >= netstandard1.0
      System.Reflection.Primitives (>= 4.3) - restriction: >= netstandard1.0
      System.Resources.ResourceManager (>= 4.3) - restriction: >= netstandard1.0
      System.Runtime (>= 4.3) - restriction: >= netstandard1.0
      System.Runtime.Extensions (>= 4.3) - restriction: >= netstandard1.0
      System.Runtime.Handles (>= 4.3) - restriction: >= netstandard1.3
      System.Runtime.InteropServices (>= 4.3) - restriction: >= netstandard1.1
      System.Runtime.InteropServices.RuntimeInformation (>= 4.3) - restriction: >= portable-net45+win8+wpa81
      System.Runtime.Numerics (>= 4.3) - restriction: >= netstandard1.1
      System.Security.Cryptography.Algorithms (>= 4.3) - restriction: >= netstandard1.3
      System.Security.Cryptography.Encoding (>= 4.3) - restriction: >= netstandard1.3
      System.Security.Cryptography.Primitives (>= 4.3) - restriction: >= netstandard1.3
      System.Security.Cryptography.X509Certificates (>= 4.3) - restriction: >= netstandard1.3
      System.Text.Encoding (>= 4.3) - restriction: >= netstandard1.0
      System.Text.Encoding.Extensions (>= 4.3) - restriction: >= netstandard1.0
      System.Text.RegularExpressions (>= 4.3) - restriction: >= netstandard1.0
      System.Threading (>= 4.3) - restriction: >= netstandard1.0
      System.Threading.Tasks (>= 4.3) - restriction: >= netstandard1.0
      System.Threading.Timer (>= 4.3) - restriction: >= netstandard1.2
      System.Xml.ReaderWriter (>= 4.3) - restriction: >= netstandard1.0
      System.Xml.XDocument (>= 4.3) - restriction: >= netstandard1.0
    Node.js (5.3)
    Npm.js (2.13.1)
      Node.js (>= 0.12.7)
    Owin (1.0)
    runtime.debian.8-x64.runtime.native.System.Security.Cryptography.OpenSsl (4.3.1) - restriction: >= netstandard1.3
    runtime.fedora.23-x64.runtime.native.System.Security.Cryptography.OpenSsl (4.3.1) - restriction: >= netstandard1.3
    runtime.fedora.24-x64.runtime.native.System.Security.Cryptography.OpenSsl (4.3.1) - restriction: >= netstandard1.3
    runtime.native.System (4.3) - restriction: || (== net45) (== net451) (>= netstandard1.3)
      Microsoft.NETCore.Platforms (>= 1.1)
      Microsoft.NETCore.Targets (>= 1.1)
    runtime.native.System.IO.Compression (4.3) - restriction: >= netstandard1.3
      Microsoft.NETCore.Platforms (>= 1.1)
      Microsoft.NETCore.Targets (>= 1.1)
    runtime.native.System.Net.Http (4.3) - restriction: || (== net46) (>= net463) (>= netstandard1.6)
      Microsoft.NETCore.Platforms (>= 1.1)
      Microsoft.NETCore.Targets (>= 1.1)
    runtime.native.System.Security.Cryptography.Apple (4.3) - restriction: || (== net46) (>= net463) (>= netstandard1.6)
      runtime.osx.10.10-x64.runtime.native.System.Security.Cryptography.Apple (>= 4.3)
    runtime.native.System.Security.Cryptography.OpenSsl (4.3.1) - restriction: >= netstandard1.3
      runtime.debian.8-x64.runtime.native.System.Security.Cryptography.OpenSsl (>= 4.3.1)
      runtime.fedora.23-x64.runtime.native.System.Security.Cryptography.OpenSsl (>= 4.3.1)
      runtime.fedora.24-x64.runtime.native.System.Security.Cryptography.OpenSsl (>= 4.3.1)
      runtime.opensuse.13.2-x64.runtime.native.System.Security.Cryptography.OpenSsl (>= 4.3.1)
      runtime.opensuse.42.1-x64.runtime.native.System.Security.Cryptography.OpenSsl (>= 4.3.1)
      runtime.osx.10.10-x64.runtime.native.System.Security.Cryptography.OpenSsl (>= 4.3.1)
      runtime.rhel.7-x64.runtime.native.System.Security.Cryptography.OpenSsl (>= 4.3.1)
      runtime.ubuntu.14.04-x64.runtime.native.System.Security.Cryptography.OpenSsl (>= 4.3.1)
      runtime.ubuntu.16.04-x64.runtime.native.System.Security.Cryptography.OpenSsl (>= 4.3.1)
      runtime.ubuntu.16.10-x64.runtime.native.System.Security.Cryptography.OpenSsl (>= 4.3.1)
    runtime.opensuse.13.2-x64.runtime.native.System.Security.Cryptography.OpenSsl (4.3.1) - restriction: >= netstandard1.3
    runtime.opensuse.42.1-x64.runtime.native.System.Security.Cryptography.OpenSsl (4.3.1) - restriction: >= netstandard1.3
    runtime.osx.10.10-x64.runtime.native.System.Security.Cryptography.Apple (4.3) - restriction: || (== net46) (>= net463) (>= netstandard1.6)
    runtime.osx.10.10-x64.runtime.native.System.Security.Cryptography.OpenSsl (4.3.1) - restriction: >= netstandard1.3
    runtime.rhel.7-x64.runtime.native.System.Security.Cryptography.OpenSsl (4.3.1) - restriction: >= netstandard1.3
    runtime.ubuntu.14.04-x64.runtime.native.System.Security.Cryptography.OpenSsl (4.3.1) - restriction: >= netstandard1.3
    runtime.ubuntu.16.04-x64.runtime.native.System.Security.Cryptography.OpenSsl (4.3.1) - restriction: >= netstandard1.3
    runtime.ubuntu.16.10-x64.runtime.native.System.Security.Cryptography.OpenSsl (4.3.1) - restriction: >= netstandard1.3
    SharpZipLib (0.86)
    System.AppContext (4.3) - restriction: >= netstandard1.3
      System.Runtime (>= 4.3) - restriction: || (== dnxcore50) (== netstandard1.3) (>= netstandard1.6)
    System.Buffers (4.4) - restriction: >= netstandard1.3
    System.Collections (4.3) - restriction: >= netstandard1.3
      Microsoft.NETCore.Platforms (>= 1.1) - restriction: || (== dnxcore50) (== netstandard1.0) (>= netstandard1.3)
      Microsoft.NETCore.Targets (>= 1.1) - restriction: || (== dnxcore50) (== netstandard1.0) (>= netstandard1.3)
      System.Runtime (>= 4.3) - restriction: || (== dnxcore50) (== netstandard1.0) (>= netstandard1.3)
    System.Collections.Concurrent (4.3) - restriction: >= netstandard1.3
      System.Collections (>= 4.3) - restriction: || (== dnxcore50) (>= netstandard1.3)
      System.Diagnostics.Debug (>= 4.3) - restriction: || (== dnxcore50) (>= netstandard1.3)
      System.Diagnostics.Tracing (>= 4.3) - restriction: || (== dnxcore50) (>= netstandard1.3)
      System.Globalization (>= 4.3) - restriction: || (== dnxcore50) (>= netstandard1.3)
      System.Reflection (>= 4.3) - restriction: >= netstandard1.3
      System.Resources.ResourceManager (>= 4.3) - restriction: || (== dnxcore50) (>= netstandard1.3)
      System.Runtime (>= 4.3) - restriction: || (== dnxcore50) (== netstandard1.1) (>= netstandard1.3)
      System.Runtime.Extensions (>= 4.3) - restriction: || (== dnxcore50) (>= netstandard1.3)
      System.Threading (>= 4.3) - restriction: || (== dnxcore50) (>= netstandard1.3)
      System.Threading.Tasks (>= 4.3) - restriction: || (== dnxcore50) (== netstandard1.1) (>= netstandard1.3)
    System.Collections.Immutable (1.4) - restriction: == uap10.0
    System.Collections.NonGeneric (4.3) - restriction: == uap10.0
    System.Collections.Specialized (4.3) - restriction: == uap10.0
    System.ComponentModel (4.3) - restriction: == uap10.0
    System.ComponentModel.Annotations (4.4) - restriction: == uap10.0
    System.ComponentModel.EventBasedAsync (4.3) - restriction: == uap10.0
    System.Console (4.3) - restriction: >= netstandard1.3
      Microsoft.NETCore.Platforms (>= 1.1) - restriction: >= netstandard1.3
      Microsoft.NETCore.Targets (>= 1.1) - restriction: >= netstandard1.3
      System.IO (>= 4.3) - restriction: >= netstandard1.3
      System.Runtime (>= 4.3) - restriction: >= netstandard1.3
      System.Text.Encoding (>= 4.3) - restriction: >= netstandard1.3
    System.Data.Common (4.3) - restriction: >= netstandard1.3
      System.Collections (>= 4.3) - restriction: >= netstandard1.2
      System.Globalization (>= 4.3) - restriction: >= netstandard1.2
      System.IO (>= 4.3) - restriction: >= netstandard1.2
      System.Resources.ResourceManager (>= 4.3) - restriction: >= netstandard1.2
      System.Runtime (>= 4.3) - restriction: >= netstandard1.2
      System.Runtime.Extensions (>= 4.3) - restriction: >= netstandard1.2
      System.Text.RegularExpressions (>= 4.3) - restriction: >= netstandard1.2
      System.Threading.Tasks (>= 4.3) - restriction: >= netstandard1.2
    System.Diagnostics.Contracts (4.3) - restriction: == uap10.0
    System.Diagnostics.Debug (4.3) - restriction: >= netstandard1.3
      Microsoft.NETCore.Platforms (>= 1.1) - restriction: || (== dnxcore50) (== netstandard1.0) (>= netstandard1.3)
      Microsoft.NETCore.Targets (>= 1.1) - restriction: || (== dnxcore50) (== netstandard1.0) (>= netstandard1.3)
      System.Runtime (>= 4.3) - restriction: || (== dnxcore50) (== netstandard1.0) (>= netstandard1.3)
    System.Diagnostics.DiagnosticSource (4.4.1) - restriction: || (== net46) (== netstandard1.3) (>= net463) (>= netstandard1.6)
      System.Collections (>= 4.3) - restriction: || (== netstandard1.1) (>= netstandard1.3)
      System.Diagnostics.Debug (>= 4.3) - restriction: >= netstandard1.3
      System.Diagnostics.Tracing (>= 4.3) - restriction: || (== netstandard1.1) (>= netstandard1.3)
      System.Reflection (>= 4.3) - restriction: || (== netstandard1.1) (>= netstandard1.3)
      System.Runtime (>= 4.3) - restriction: || (== netstandard1.1) (>= netstandard1.3)
      System.Runtime.Extensions (>= 4.3) - restriction: >= netstandard1.3
      System.Threading (>= 4.3) - restriction: || (== netstandard1.1) (>= netstandard1.3)
    System.Diagnostics.StackTrace (4.3) - restriction: == uap10.0
    System.Diagnostics.Tools (4.3) - restriction: >= netstandard1.3
      Microsoft.NETCore.Platforms (>= 1.1) - restriction: || (== dnxcore50) (>= netstandard1.0)
      Microsoft.NETCore.Targets (>= 1.1) - restriction: || (== dnxcore50) (>= netstandard1.0)
      System.Runtime (>= 4.3) - restriction: || (== dnxcore50) (>= netstandard1.0)
    System.Diagnostics.Tracing (4.3) - restriction: >= netstandard1.3
      Microsoft.NETCore.Platforms (>= 1.1) - restriction: || (== dnxcore50) (== netstandard1.1) (== netstandard1.2) (== netstandard1.3) (>= netstandard1.5)
      Microsoft.NETCore.Targets (>= 1.1) - restriction: || (== dnxcore50) (== netstandard1.1) (== netstandard1.2) (== netstandard1.3) (>= netstandard1.5)
      System.Runtime (>= 4.3) - restriction: || (== dnxcore50) (== netstandard1.1) (== netstandard1.2) (== netstandard1.3) (>= netstandard1.5)
    System.Dynamic.Runtime (4.3) - restriction: == uap10.0
    System.Globalization (4.3) - restriction: || (== net45) (== net451) (>= netstandard1.3)
      Microsoft.NETCore.Platforms (>= 1.1) - restriction: || (== dnxcore50) (== netstandard1.0) (>= netstandard1.3)
      Microsoft.NETCore.Targets (>= 1.1) - restriction: || (== dnxcore50) (== netstandard1.0) (>= netstandard1.3)
      System.Runtime (>= 4.3) - restriction: || (== dnxcore50) (== netstandard1.0) (>= netstandard1.3)
    System.Globalization.Calendars (4.3) - restriction: >= netstandard1.3
      Microsoft.NETCore.Platforms (>= 1.1) - restriction: >= netstandard1.3
      Microsoft.NETCore.Targets (>= 1.1) - restriction: >= netstandard1.3
      System.Globalization (>= 4.3) - restriction: >= netstandard1.3
      System.Runtime (>= 4.3) - restriction: >= netstandard1.3
    System.Globalization.Extensions (4.3) - restriction: || (== net46) (== uap10.0) (>= net463) (>= netstandard1.6)
      Microsoft.NETCore.Platforms (>= 1.1) - restriction: >= netstandard1.3
      System.Globalization (>= 4.3) - restriction: >= netstandard1.3
      System.Resources.ResourceManager (>= 4.3) - restriction: >= netstandard1.3
      System.Runtime (>= 4.3) - restriction: >= netstandard1.3
      System.Runtime.Extensions (>= 4.3) - restriction: >= netstandard1.3
      System.Runtime.InteropServices (>= 4.3) - restriction: >= netstandard1.3
    System.IO (4.3) - restriction: || (== net45) (== net451) (>= netstandard1.3)
      Microsoft.NETCore.Platforms (>= 1.1) - restriction: || (== dnxcore50) (== netstandard1.0) (== netstandard1.3) (>= netstandard1.5)
      Microsoft.NETCore.Targets (>= 1.1) - restriction: || (== dnxcore50) (== netstandard1.0) (== netstandard1.3) (>= netstandard1.5)
      System.Runtime (>= 4.3) - restriction: || (== dnxcore50) (== netstandard1.0) (== netstandard1.3) (>= netstandard1.5)
      System.Text.Encoding (>= 4.3) - restriction: || (== dnxcore50) (== netstandard1.0) (== netstandard1.3) (>= netstandard1.5)
      System.Threading.Tasks (>= 4.3) - restriction: || (== dnxcore50) (== netstandard1.0) (== netstandard1.3) (>= netstandard1.5)
    System.IO.Compression (4.3) - restriction: >= netstandard1.3
      Microsoft.NETCore.Platforms (>= 1.1) - restriction: >= netstandard1.3
      runtime.native.System (>= 4.3) - restriction: >= netstandard1.3
      runtime.native.System.IO.Compression (>= 4.3) - restriction: || (== dnxcore50) (>= netstandard1.3)
      System.Buffers (>= 4.3) - restriction: || (== dnxcore50) (>= netstandard1.3)
      System.Collections (>= 4.3) - restriction: || (== dnxcore50) (>= netstandard1.3)
      System.Diagnostics.Debug (>= 4.3) - restriction: || (== dnxcore50) (>= netstandard1.3)
      System.IO (>= 4.3) - restriction: || (== dnxcore50) (== netstandard1.1) (>= netstandard1.3)
      System.Resources.ResourceManager (>= 4.3) - restriction: || (== dnxcore50) (>= netstandard1.3)
      System.Runtime (>= 4.3) - restriction: || (== dnxcore50) (== netstandard1.1) (>= netstandard1.3)
      System.Runtime.Extensions (>= 4.3) - restriction: || (== dnxcore50) (>= netstandard1.3)
      System.Runtime.Handles (>= 4.3) - restriction: || (== dnxcore50) (>= netstandard1.3)
      System.Runtime.InteropServices (>= 4.3) - restriction: || (== dnxcore50) (>= netstandard1.3)
      System.Text.Encoding (>= 4.3) - restriction: || (== dnxcore50) (== netstandard1.1) (>= netstandard1.3)
      System.Threading (>= 4.3) - restriction: || (== dnxcore50) (>= netstandard1.3)
      System.Threading.Tasks (>= 4.3) - restriction: || (== dnxcore50) (>= netstandard1.3)
    System.IO.Compression.ZipFile (4.3) - restriction: >= netstandard1.3
      System.Buffers (>= 4.3) - restriction: >= netstandard1.3
      System.IO (>= 4.3) - restriction: >= netstandard1.3
      System.IO.Compression (>= 4.3) - restriction: >= netstandard1.3
      System.IO.FileSystem (>= 4.3) - restriction: >= netstandard1.3
      System.IO.FileSystem.Primitives (>= 4.3) - restriction: >= netstandard1.3
      System.Resources.ResourceManager (>= 4.3) - restriction: >= netstandard1.3
      System.Runtime (>= 4.3) - restriction: >= netstandard1.3
      System.Runtime.Extensions (>= 4.3) - restriction: >= netstandard1.3
      System.Text.Encoding (>= 4.3) - restriction: >= netstandard1.3
    System.IO.FileSystem (4.3) - restriction: >= netstandard1.3
      Microsoft.NETCore.Platforms (>= 1.1) - restriction: >= netstandard1.3
      Microsoft.NETCore.Targets (>= 1.1) - restriction: >= netstandard1.3
      System.IO (>= 4.3) - restriction: >= netstandard1.3
      System.IO.FileSystem.Primitives (>= 4.3) - restriction: >= netstandard1.3
      System.Runtime (>= 4.3) - restriction: >= netstandard1.3
      System.Runtime.Handles (>= 4.3) - restriction: >= netstandard1.3
      System.Text.Encoding (>= 4.3) - restriction: >= netstandard1.3
      System.Threading.Tasks (>= 4.3) - restriction: >= netstandard1.3
    System.IO.FileSystem.Primitives (4.3) - restriction: >= netstandard1.3
      System.Runtime (>= 4.3) - restriction: >= netstandard1.3
    System.IO.IsolatedStorage (4.3) - restriction: == uap10.0
    System.IO.UnmanagedMemoryStream (4.3) - restriction: == uap10.0
    System.Linq (4.3) - restriction: >= netstandard1.3
      System.Collections (>= 4.3) - restriction: || (== dnxcore50) (== netstandard1.0) (>= netstandard1.6)
      System.Diagnostics.Debug (>= 4.3) - restriction: || (== dnxcore50) (>= netstandard1.6)
      System.Resources.ResourceManager (>= 4.3) - restriction: || (== dnxcore50) (>= netstandard1.6)
      System.Runtime (>= 4.3) - restriction: || (== dnxcore50) (== netstandard1.0) (>= netstandard1.6)
      System.Runtime.Extensions (>= 4.3) - restriction: || (== dnxcore50) (>= netstandard1.6)
    System.Linq.Expressions (4.3) - restriction: >= netstandard1.3
      System.Collections (>= 4.3) - restriction: || (== dnxcore50) (>= netstandard1.6)
      System.Diagnostics.Debug (>= 4.3) - restriction: || (== dnxcore50) (>= netstandard1.6)
      System.Globalization (>= 4.3) - restriction: || (== dnxcore50) (>= netstandard1.6)
      System.IO (>= 4.3) - restriction: || (== dnxcore50) (>= netstandard1.6)
      System.Linq (>= 4.3) - restriction: || (== dnxcore50) (>= netstandard1.6)
      System.ObjectModel (>= 4.3) - restriction: >= netstandard1.6
      System.Reflection (>= 4.3) - restriction: || (== dnxcore50) (== netstandard1.0) (== netstandard1.3) (>= netstandard1.6)
      System.Reflection.Emit (>= 4.3) - restriction: >= netstandard1.6
      System.Reflection.Emit.ILGeneration (>= 4.3) - restriction: || (== dnxcore50) (>= netstandard1.6)
      System.Reflection.Emit.Lightweight (>= 4.3) - restriction: || (== dnxcore50) (>= netstandard1.6)
      System.Reflection.Extensions (>= 4.3) - restriction: || (== dnxcore50) (>= netstandard1.6)
      System.Reflection.Primitives (>= 4.3) - restriction: || (== dnxcore50) (>= netstandard1.6)
      System.Reflection.TypeExtensions (>= 4.3) - restriction: || (== dnxcore50) (>= netstandard1.6)
      System.Resources.ResourceManager (>= 4.3) - restriction: || (== dnxcore50) (>= netstandard1.6)
      System.Runtime (>= 4.3) - restriction: || (== dnxcore50) (== netstandard1.0) (== netstandard1.3) (>= netstandard1.6)
      System.Runtime.Extensions (>= 4.3) - restriction: || (== dnxcore50) (>= netstandard1.6)
      System.Threading (>= 4.3) - restriction: || (== dnxcore50) (>= netstandard1.6)
    System.Linq.Parallel (4.3) - restriction: == uap10.0
    System.Linq.Queryable (4.3) - restriction: || (== uap10.0) (>= netstandard1.6)
      System.Collections (>= 4.3) - restriction: || (== dnxcore50) (>= netstandard1.3)
      System.Diagnostics.Debug (>= 4.3) - restriction: || (== dnxcore50) (>= netstandard1.3)
      System.Linq (>= 4.3) - restriction: || (== dnxcore50) (== netstandard1.0) (>= netstandard1.3)
      System.Linq.Expressions (>= 4.3) - restriction: || (== dnxcore50) (== netstandard1.0) (>= netstandard1.3)
      System.Reflection (>= 4.3) - restriction: || (== dnxcore50) (>= netstandard1.3)
      System.Reflection.Extensions (>= 4.3) - restriction: || (== dnxcore50) (>= netstandard1.3)
      System.Resources.ResourceManager (>= 4.3) - restriction: || (== dnxcore50) (>= netstandard1.3)
      System.Runtime (>= 4.3) - restriction: || (== dnxcore50) (== netstandard1.0) (>= netstandard1.3)
    System.Net.Http (4.3.2) - restriction: >= netstandard1.3
      Microsoft.NETCore.Platforms (>= 1.1) - restriction: || (== dnxcore50) (== netstandard1.3) (>= netstandard1.6)
      Microsoft.Win32.Primitives (>= 4.3) - restriction: == netstandard1.3
      runtime.native.System (>= 4.3) - restriction: >= netstandard1.6
      runtime.native.System.Net.Http (>= 4.3) - restriction: >= netstandard1.6
      runtime.native.System.Security.Cryptography.OpenSsl (>= 4.3) - restriction: >= netstandard1.6
      System.Collections (>= 4.3) - restriction: || (== dnxcore50) (== netstandard1.3) (>= netstandard1.6)
      System.Diagnostics.Debug (>= 4.3) - restriction: || (== dnxcore50) (== netstandard1.3) (>= netstandard1.6)
      System.Diagnostics.DiagnosticSource (>= 4.3) - restriction: || (== dnxcore50) (== netstandard1.3) (>= netstandard1.6)
      System.Diagnostics.Tracing (>= 4.3) - restriction: || (== dnxcore50) (== netstandard1.3) (>= netstandard1.6)
      System.Globalization (>= 4.3) - restriction: || (== dnxcore50) (== netstandard1.3) (>= netstandard1.6)
      System.Globalization.Extensions (>= 4.3) - restriction: >= netstandard1.6
      System.IO (>= 4.3) - restriction: || (== dnxcore50) (== netstandard1.1) (== netstandard1.3) (>= netstandard1.6)
      System.IO.Compression (>= 4.3) - restriction: == netstandard1.3
      System.IO.FileSystem (>= 4.3) - restriction: >= netstandard1.6
      System.Net.Primitives (>= 4.3) - restriction: || (== dnxcore50) (== netstandard1.1) (== netstandard1.3) (>= netstandard1.6)
      System.Resources.ResourceManager (>= 4.3) - restriction: || (== dnxcore50) (== netstandard1.3) (>= netstandard1.6)
      System.Runtime (>= 4.3) - restriction: || (== dnxcore50) (== netstandard1.1) (== netstandard1.3) (>= netstandard1.6)
      System.Runtime.Extensions (>= 4.3) - restriction: || (== dnxcore50) (== netstandard1.3) (>= netstandard1.6)
      System.Runtime.Handles (>= 4.3) - restriction: || (== netstandard1.3) (>= netstandard1.6)
      System.Runtime.InteropServices (>= 4.3) - restriction: || (== dnxcore50) (== netstandard1.3) (>= netstandard1.6)
      System.Security.Cryptography.Algorithms (>= 4.3) - restriction: >= netstandard1.6
      System.Security.Cryptography.Encoding (>= 4.3) - restriction: || (== netstandard1.3) (>= netstandard1.6)
      System.Security.Cryptography.OpenSsl (>= 4.3) - restriction: >= netstandard1.6
      System.Security.Cryptography.Primitives (>= 4.3) - restriction: >= netstandard1.6
      System.Security.Cryptography.X509Certificates (>= 4.3) - restriction: || (== dnxcore50) (== netstandard1.3) (>= net46) (>= netstandard1.6)
      System.Text.Encoding (>= 4.3) - restriction: || (== dnxcore50) (== netstandard1.1) (== netstandard1.3) (>= netstandard1.6)
      System.Threading (>= 4.3) - restriction: || (== dnxcore50) (== netstandard1.3) (>= netstandard1.6)
      System.Threading.Tasks (>= 4.3) - restriction: || (== dnxcore50) (== netstandard1.1) (== netstandard1.3) (>= netstandard1.6)
    System.Net.Http.Rtc (4.3) - restriction: == uap10.0
    System.Net.NameResolution (4.3) - restriction: == uap10.0
    System.Net.NetworkInformation (4.3) - restriction: == uap10.0
    System.Net.Primitives (4.3) - restriction: >= netstandard1.3
      Microsoft.NETCore.Platforms (>= 1.1) - restriction: || (== dnxcore50) (== netstandard1.0) (== netstandard1.1) (>= netstandard1.3)
      Microsoft.NETCore.Targets (>= 1.1) - restriction: || (== dnxcore50) (== netstandard1.0) (== netstandard1.1) (>= netstandard1.3)
      System.Runtime (>= 4.3) - restriction: || (== dnxcore50) (== netstandard1.0) (== netstandard1.1) (>= netstandard1.3)
      System.Runtime.Handles (>= 4.3) - restriction: || (== dnxcore50) (>= netstandard1.3)
    System.Net.Requests (4.3) - restriction: || (== uap10.0) (>= netstandard1.6)
      Microsoft.NETCore.Platforms (>= 1.1) - restriction: >= netstandard1.3
      System.Collections (>= 4.3) - restriction: || (== dnxcore50) (>= netstandard1.3)
      System.Diagnostics.Debug (>= 4.3) - restriction: || (== dnxcore50) (>= netstandard1.3)
      System.Diagnostics.Tracing (>= 4.3) - restriction: || (== dnxcore50) (>= netstandard1.3)
      System.Globalization (>= 4.3) - restriction: || (== dnxcore50) (>= netstandard1.3)
      System.IO (>= 4.3) - restriction: || (== dnxcore50) (== netstandard1.0) (== netstandard1.1) (>= netstandard1.3)
      System.Net.Http (>= 4.3) - restriction: || (== dnxcore50) (>= netstandard1.3)
      System.Net.Primitives (>= 4.3) - restriction: || (== dnxcore50) (== netstandard1.0) (== netstandard1.1) (>= netstandard1.3)
      System.Net.WebHeaderCollection (>= 4.3) - restriction: || (== dnxcore50) (>= netstandard1.3)
      System.Resources.ResourceManager (>= 4.3) - restriction: || (== dnxcore50) (>= netstandard1.3)
      System.Runtime (>= 4.3) - restriction: || (== dnxcore50) (== netstandard1.0) (== netstandard1.1) (>= netstandard1.3)
      System.Threading (>= 4.3) - restriction: || (== dnxcore50) (>= netstandard1.3)
      System.Threading.Tasks (>= 4.3) - restriction: || (== dnxcore50) (== netstandard1.1) (>= netstandard1.3)
    System.Net.Sockets (4.3) - restriction: >= netstandard1.3
      Microsoft.NETCore.Platforms (>= 1.1) - restriction: >= netstandard1.3
      Microsoft.NETCore.Targets (>= 1.1) - restriction: >= netstandard1.3
      System.IO (>= 4.3) - restriction: >= netstandard1.3
      System.Net.Primitives (>= 4.3) - restriction: >= netstandard1.3
      System.Runtime (>= 4.3) - restriction: >= netstandard1.3
      System.Threading.Tasks (>= 4.3) - restriction: >= netstandard1.3
    System.Net.WebHeaderCollection (4.3) - restriction: || (== uap10.0) (>= netstandard1.6)
      System.Collections (>= 4.3) - restriction: >= netstandard1.3
      System.Resources.ResourceManager (>= 4.3) - restriction: >= netstandard1.3
      System.Runtime (>= 4.3) - restriction: >= netstandard1.3
      System.Runtime.Extensions (>= 4.3) - restriction: >= netstandard1.3
    System.Net.WebSockets (4.3) - restriction: == uap10.0
    System.Net.WebSockets.Client (4.3.1) - restriction: == uap10.0
    System.Numerics.Vectors (4.4) - restriction: == uap10.0
    System.Numerics.Vectors.WindowsRuntime (4.3) - restriction: == uap10.0
      System.Numerics.Vectors (>= 4.3) - restriction: == uap10.0
      System.Runtime (>= 4.3) - restriction: == uap10.0
      System.Runtime.WindowsRuntime (>= 4.3) - restriction: == uap10.0
    System.ObjectModel (4.3) - restriction: >= netstandard1.3
      System.Collections (>= 4.3) - restriction: || (== dnxcore50) (>= netstandard1.3)
      System.Diagnostics.Debug (>= 4.3) - restriction: || (== dnxcore50) (>= netstandard1.3)
      System.Resources.ResourceManager (>= 4.3) - restriction: || (== dnxcore50) (>= netstandard1.3)
      System.Runtime (>= 4.3) - restriction: || (== dnxcore50) (== netstandard1.0) (>= netstandard1.3)
      System.Threading (>= 4.3) - restriction: || (== dnxcore50) (>= netstandard1.3)
    System.Reflection (4.3) - restriction: || (== net45) (== net451) (>= netstandard1.3)
      Microsoft.NETCore.Platforms (>= 1.1) - restriction: || (== dnxcore50) (== netstandard1.0) (== netstandard1.3) (>= netstandard1.5)
      Microsoft.NETCore.Targets (>= 1.1) - restriction: || (== dnxcore50) (== netstandard1.0) (== netstandard1.3) (>= netstandard1.5)
      System.IO (>= 4.3) - restriction: || (== dnxcore50) (== netstandard1.0) (== netstandard1.3) (>= netstandard1.5)
      System.Reflection.Primitives (>= 4.3) - restriction: || (== dnxcore50) (== netstandard1.0) (== netstandard1.3) (>= netstandard1.5)
      System.Runtime (>= 4.3) - restriction: || (== dnxcore50) (== netstandard1.0) (== netstandard1.3) (>= netstandard1.5)
    System.Reflection.Context (4.3) - restriction: == uap10.0
    System.Reflection.DispatchProxy (4.4) - restriction: == uap10.0
    System.Reflection.Emit (4.3) - restriction: || (>= net463) (>= netstandard1.6)
      System.IO (>= 4.3) - restriction: >= netstandard1.1
      System.Reflection (>= 4.3) - restriction: >= netstandard1.1
      System.Reflection.Emit.ILGeneration (>= 4.3) - restriction: >= netstandard1.1
      System.Reflection.Primitives (>= 4.3) - restriction: >= netstandard1.1
      System.Runtime (>= 4.3) - restriction: >= netstandard1.1
    System.Reflection.Emit.ILGeneration (4.3) - restriction: || (>= net463) (>= netstandard1.6)
      System.Reflection (>= 4.3) - restriction: >= netstandard1.0
      System.Reflection.Primitives (>= 4.3) - restriction: >= netstandard1.0
      System.Runtime (>= 4.3) - restriction: >= netstandard1.0
    System.Reflection.Emit.Lightweight (4.3) - restriction: || (>= net463) (>= netstandard1.6)
      System.Reflection (>= 4.3) - restriction: >= netstandard1.0
      System.Reflection.Emit.ILGeneration (>= 4.3) - restriction: >= netstandard1.0
      System.Reflection.Primitives (>= 4.3) - restriction: >= netstandard1.0
      System.Runtime (>= 4.3) - restriction: >= netstandard1.0
    System.Reflection.Extensions (4.3) - restriction: || (== net45) (== net451) (>= netstandard1.3)
      Microsoft.NETCore.Platforms (>= 1.1) - restriction: || (== dnxcore50) (>= netstandard1.0)
      Microsoft.NETCore.Targets (>= 1.1) - restriction: || (== dnxcore50) (>= netstandard1.0)
      System.Reflection (>= 4.3) - restriction: || (== dnxcore50) (>= netstandard1.0)
      System.Runtime (>= 4.3) - restriction: || (== dnxcore50) (>= netstandard1.0)
    System.Reflection.Metadata (1.5) - restriction: == uap10.0
      System.Collections.Immutable (>= 1.4)
    System.Reflection.Primitives (4.3) - restriction: || (== net45) (== net451) (>= netstandard1.3)
      Microsoft.NETCore.Platforms (>= 1.1) - restriction: || (== dnxcore50) (>= netstandard1.0)
      Microsoft.NETCore.Targets (>= 1.1) - restriction: || (== dnxcore50) (>= netstandard1.0)
      System.Runtime (>= 4.3) - restriction: || (== dnxcore50) (>= netstandard1.0)
    System.Reflection.TypeExtensions (4.4) - restriction: || (== uap10.0) (>= net463) (>= netstandard1.6)
    System.Resources.ResourceManager (4.3) - restriction: || (== net45) (== net451) (>= netstandard1.3)
      Microsoft.NETCore.Platforms (>= 1.1) - restriction: || (== dnxcore50) (>= netstandard1.0)
      Microsoft.NETCore.Targets (>= 1.1) - restriction: || (== dnxcore50) (>= netstandard1.0)
      System.Globalization (>= 4.3) - restriction: || (== dnxcore50) (>= netstandard1.0)
      System.Reflection (>= 4.3) - restriction: || (== dnxcore50) (>= netstandard1.0)
      System.Runtime (>= 4.3) - restriction: || (== dnxcore50) (>= netstandard1.0)
    System.Runtime (4.3) - restriction: || (== net45) (== net451) (>= netstandard1.3)
      Microsoft.NETCore.Platforms (>= 1.1) - restriction: || (== dnxcore50) (== netstandard1.0) (== netstandard1.2) (== netstandard1.3) (>= netstandard1.5)
      Microsoft.NETCore.Targets (>= 1.1) - restriction: || (== dnxcore50) (== netstandard1.0) (== netstandard1.2) (== netstandard1.3) (>= netstandard1.5)
    System.Runtime.Extensions (4.3) - restriction: >= netstandard1.3
      Microsoft.NETCore.Platforms (>= 1.1) - restriction: || (== dnxcore50) (== netstandard1.0) (== netstandard1.3) (>= netstandard1.5)
      Microsoft.NETCore.Targets (>= 1.1) - restriction: || (== dnxcore50) (== netstandard1.0) (== netstandard1.3) (>= netstandard1.5)
      System.Runtime (>= 4.3) - restriction: || (== dnxcore50) (== netstandard1.0) (== netstandard1.3) (>= netstandard1.5)
    System.Runtime.Handles (4.3) - restriction: || (== net45) (== net451) (>= netstandard1.3)
      Microsoft.NETCore.Platforms (>= 1.1) - restriction: >= netstandard1.3
      Microsoft.NETCore.Targets (>= 1.1) - restriction: >= netstandard1.3
      System.Runtime (>= 4.3) - restriction: >= netstandard1.3
    System.Runtime.InteropServices (4.3) - restriction: || (== net45) (== net451) (>= netstandard1.3)
      Microsoft.NETCore.Platforms (>= 1.1) - restriction: || (== dnxcore50) (== netstandard1.1) (== netstandard1.2) (== netstandard1.3) (>= netstandard1.5)
      Microsoft.NETCore.Targets (>= 1.1) - restriction: || (== dnxcore50) (== netstandard1.1) (== netstandard1.2) (== netstandard1.3) (>= netstandard1.5)
      System.Reflection (>= 4.3) - restriction: || (== dnxcore50) (== netstandard1.1) (== netstandard1.2) (== netstandard1.3) (>= netstandard1.5)
      System.Reflection.Primitives (>= 4.3) - restriction: || (== dnxcore50) (== netstandard1.1) (== netstandard1.2) (== netstandard1.3) (>= netstandard1.5)
      System.Runtime (>= 4.3) - restriction: || (== dnxcore50) (== netstandard1.1) (== netstandard1.2) (== netstandard1.3) (>= netstandard1.5)
      System.Runtime.Handles (>= 4.3) - restriction: || (== dnxcore50) (== netstandard1.3) (>= netstandard1.5)
    System.Runtime.InteropServices.RuntimeInformation (4.3) - restriction: || (== net45) (== net451) (>= netstandard1.3)
      runtime.native.System (>= 4.3) - restriction: >= netstandard1.1
      System.Reflection (>= 4.3) - restriction: || (== dnxcore50) (>= netstandard1.1)
      System.Reflection.Extensions (>= 4.3) - restriction: || (== dnxcore50) (>= netstandard1.1)
      System.Resources.ResourceManager (>= 4.3) - restriction: || (== dnxcore50) (>= netstandard1.1)
      System.Runtime (>= 4.3) - restriction: || (== dnxcore50) (>= netstandard1.1)
      System.Runtime.InteropServices (>= 4.3) - restriction: >= netstandard1.1
      System.Threading (>= 4.3) - restriction: || (== dnxcore50) (>= netstandard1.1)
    System.Runtime.InteropServices.WindowsRuntime (4.3) - restriction: == uap10.0
    System.Runtime.Numerics (4.3) - restriction: >= netstandard1.3
      System.Globalization (>= 4.3) - restriction: || (== dnxcore50) (>= netstandard1.3)
      System.Resources.ResourceManager (>= 4.3) - restriction: || (== dnxcore50) (>= netstandard1.3)
      System.Runtime (>= 4.3) - restriction: || (== dnxcore50) (== netstandard1.1) (>= netstandard1.3)
      System.Runtime.Extensions (>= 4.3) - restriction: || (== dnxcore50) (>= netstandard1.3)
    System.Runtime.Serialization.Json (4.3) - restriction: == uap10.0
    System.Runtime.Serialization.Primitives (4.3) - restriction: == uap10.0
    System.Runtime.Serialization.Xml (4.3) - restriction: == uap10.0
    System.Runtime.WindowsRuntime (4.3) - restriction: == uap10.0
    System.Runtime.WindowsRuntime.UI.Xaml (4.3) - restriction: == uap10.0
    System.Security.Claims (4.3) - restriction: == uap10.0
    System.Security.Cryptography.Algorithms (4.3) - restriction: >= netstandard1.3
      Microsoft.NETCore.Platforms (>= 1.1) - restriction: || (== dnxcore50) (>= netstandard1.6)
      runtime.native.System.Security.Cryptography.Apple (>= 4.3) - restriction: >= netstandard1.6
      runtime.native.System.Security.Cryptography.OpenSsl (>= 4.3) - restriction: >= netstandard1.6
      System.Collections (>= 4.3) - restriction: >= netstandard1.6
      System.IO (>= 4.3) - restriction: || (== dnxcore50) (== netstandard1.3) (== netstandard1.4) (>= net463) (>= netstandard1.6)
      System.Resources.ResourceManager (>= 4.3) - restriction: || (== dnxcore50) (>= netstandard1.6)
      System.Runtime (>= 4.3) - restriction: || (== dnxcore50) (== netstandard1.3) (== netstandard1.4) (>= net463) (>= netstandard1.6)
      System.Runtime.Extensions (>= 4.3) - restriction: || (== dnxcore50) (>= netstandard1.6)
      System.Runtime.Handles (>= 4.3) - restriction: || (== dnxcore50) (>= netstandard1.6)
      System.Runtime.InteropServices (>= 4.3) - restriction: || (== dnxcore50) (>= netstandard1.6)
      System.Runtime.Numerics (>= 4.3) - restriction: >= netstandard1.6
      System.Security.Cryptography.Encoding (>= 4.3) - restriction: || (== dnxcore50) (>= net463) (>= netstandard1.6)
      System.Security.Cryptography.Primitives (>= 4.3) - restriction: || (== net46) (== net461) (== dnxcore50) (== netstandard1.3) (== netstandard1.4) (>= net463) (>= netstandard1.6)
      System.Text.Encoding (>= 4.3) - restriction: || (== dnxcore50) (>= netstandard1.6)
    System.Security.Cryptography.Cng (4.4) - restriction: || (== net46) (>= net463) (>= netstandard1.6)
      System.IO (>= 4.3) - restriction: || (== netstandard1.3) (== netstandard1.4) (>= netstandard1.6)
      System.Resources.ResourceManager (>= 4.3) - restriction: || (== netstandard1.3) (== netstandard1.4) (>= netstandard1.6)
      System.Runtime (>= 4.3) - restriction: || (== netstandard1.3) (== netstandard1.4) (>= netstandard1.6)
      System.Runtime.Extensions (>= 4.3) - restriction: || (== netstandard1.4) (>= netstandard1.6)
      System.Runtime.Handles (>= 4.3) - restriction: || (== netstandard1.3) (== netstandard1.4) (>= netstandard1.6)
      System.Runtime.InteropServices (>= 4.3) - restriction: || (== netstandard1.3) (== netstandard1.4) (>= netstandard1.6)
      System.Security.Cryptography.Algorithms (>= 4.3) - restriction: || (== net46) (== netstandard1.3) (== netstandard1.4) (>= netstandard1.6)
      System.Security.Cryptography.Encoding (>= 4.3) - restriction: || (== netstandard1.4) (>= netstandard1.6)
      System.Security.Cryptography.Primitives (>= 4.3) - restriction: || (== net46) (== netstandard1.3) (== netstandard1.4) (>= netstandard1.6)
      System.Text.Encoding (>= 4.3) - restriction: || (== netstandard1.4) (>= netstandard1.6)
    System.Security.Cryptography.Csp (4.3) - restriction: || (== net46) (>= net463) (>= netstandard1.6)
      Microsoft.NETCore.Platforms (>= 1.1) - restriction: >= netstandard1.3
      System.IO (>= 4.3) - restriction: >= netstandard1.3
      System.Reflection (>= 4.3) - restriction: >= netstandard1.3
      System.Resources.ResourceManager (>= 4.3) - restriction: >= netstandard1.3
      System.Runtime (>= 4.3) - restriction: >= netstandard1.3
      System.Runtime.Extensions (>= 4.3) - restriction: >= netstandard1.3
      System.Runtime.Handles (>= 4.3) - restriction: >= netstandard1.3
      System.Runtime.InteropServices (>= 4.3) - restriction: >= netstandard1.3
      System.Security.Cryptography.Algorithms (>= 4.3) - restriction: >= netstandard1.3
      System.Security.Cryptography.Encoding (>= 4.3) - restriction: >= netstandard1.3
      System.Security.Cryptography.Primitives (>= 4.3) - restriction: >= netstandard1.3
      System.Text.Encoding (>= 4.3) - restriction: >= netstandard1.3
      System.Threading (>= 4.3) - restriction: >= netstandard1.3
    System.Security.Cryptography.Encoding (4.3) - restriction: >= netstandard1.3
      Microsoft.NETCore.Platforms (>= 1.1) - restriction: >= netstandard1.3
      runtime.native.System.Security.Cryptography.OpenSsl (>= 4.3) - restriction: >= netstandard1.3
      System.Collections (>= 4.3) - restriction: >= netstandard1.3
      System.Collections.Concurrent (>= 4.3) - restriction: >= netstandard1.3
      System.Linq (>= 4.3) - restriction: >= netstandard1.3
      System.Resources.ResourceManager (>= 4.3) - restriction: >= netstandard1.3
      System.Runtime (>= 4.3) - restriction: >= netstandard1.3
      System.Runtime.Extensions (>= 4.3) - restriction: >= netstandard1.3
      System.Runtime.Handles (>= 4.3) - restriction: >= netstandard1.3
      System.Runtime.InteropServices (>= 4.3) - restriction: >= netstandard1.3
      System.Security.Cryptography.Primitives (>= 4.3) - restriction: >= netstandard1.3
      System.Text.Encoding (>= 4.3) - restriction: >= netstandard1.3
    System.Security.Cryptography.OpenSsl (4.4) - restriction: || (== net46) (>= net463) (>= netstandard1.6)
      System.Collections (>= 4.3) - restriction: >= netstandard1.6
      System.IO (>= 4.3) - restriction: >= netstandard1.6
      System.Resources.ResourceManager (>= 4.3) - restriction: >= netstandard1.6
      System.Runtime (>= 4.3) - restriction: >= netstandard1.6
      System.Runtime.Extensions (>= 4.3) - restriction: >= netstandard1.6
      System.Runtime.Handles (>= 4.3) - restriction: >= netstandard1.6
      System.Runtime.InteropServices (>= 4.3) - restriction: >= netstandard1.6
      System.Runtime.Numerics (>= 4.3) - restriction: >= netstandard1.6
      System.Security.Cryptography.Algorithms (>= 4.3) - restriction: >= netstandard1.6
      System.Security.Cryptography.Encoding (>= 4.3) - restriction: >= netstandard1.6
      System.Security.Cryptography.Primitives (>= 4.3) - restriction: >= netstandard1.6
      System.Text.Encoding (>= 4.3) - restriction: >= netstandard1.6
    System.Security.Cryptography.Primitives (4.3) - restriction: >= netstandard1.3
      System.Diagnostics.Debug (>= 4.3) - restriction: >= netstandard1.3
      System.Globalization (>= 4.3) - restriction: >= netstandard1.3
      System.IO (>= 4.3) - restriction: >= netstandard1.3
      System.Resources.ResourceManager (>= 4.3) - restriction: >= netstandard1.3
      System.Runtime (>= 4.3) - restriction: >= netstandard1.3
      System.Threading (>= 4.3) - restriction: >= netstandard1.3
      System.Threading.Tasks (>= 4.3) - restriction: >= netstandard1.3
    System.Security.Cryptography.X509Certificates (4.3) - restriction: >= netstandard1.3
      Microsoft.NETCore.Platforms (>= 1.1) - restriction: || (== dnxcore50) (>= netstandard1.6)
      runtime.native.System (>= 4.3) - restriction: >= netstandard1.6
      runtime.native.System.Net.Http (>= 4.3) - restriction: >= netstandard1.6
      runtime.native.System.Security.Cryptography.OpenSsl (>= 4.3) - restriction: >= netstandard1.6
      System.Collections (>= 4.3) - restriction: || (== dnxcore50) (>= netstandard1.6)
      System.Diagnostics.Debug (>= 4.3) - restriction: >= netstandard1.6
      System.Globalization (>= 4.3) - restriction: || (== dnxcore50) (>= netstandard1.6)
      System.Globalization.Calendars (>= 4.3) - restriction: || (== dnxcore50) (>= netstandard1.6)
      System.IO (>= 4.3) - restriction: || (== dnxcore50) (>= netstandard1.6)
      System.IO.FileSystem (>= 4.3) - restriction: || (== dnxcore50) (>= netstandard1.6)
      System.IO.FileSystem.Primitives (>= 4.3) - restriction: >= netstandard1.6
      System.Resources.ResourceManager (>= 4.3) - restriction: || (== dnxcore50) (>= netstandard1.6)
      System.Runtime (>= 4.3) - restriction: || (== dnxcore50) (== netstandard1.3) (== netstandard1.4) (>= netstandard1.6)
      System.Runtime.Extensions (>= 4.3) - restriction: || (== dnxcore50) (>= netstandard1.6)
      System.Runtime.Handles (>= 4.3) - restriction: || (== dnxcore50) (== netstandard1.3) (== netstandard1.4) (>= netstandard1.6)
      System.Runtime.InteropServices (>= 4.3) - restriction: || (== dnxcore50) (>= netstandard1.6)
      System.Runtime.Numerics (>= 4.3) - restriction: || (== dnxcore50) (>= netstandard1.6)
      System.Security.Cryptography.Algorithms (>= 4.3) - restriction: || (== net46) (== dnxcore50) (== netstandard1.3) (== netstandard1.4) (>= net461) (>= netstandard1.6)
      System.Security.Cryptography.Cng (>= 4.3) - restriction: || (== dnxcore50) (>= netstandard1.6)
      System.Security.Cryptography.Csp (>= 4.3) - restriction: >= netstandard1.6
      System.Security.Cryptography.Encoding (>= 4.3) - restriction: || (== net46) (== dnxcore50) (== netstandard1.3) (== netstandard1.4) (>= net461) (>= netstandard1.6)
      System.Security.Cryptography.OpenSsl (>= 4.3) - restriction: >= netstandard1.6
      System.Security.Cryptography.Primitives (>= 4.3) - restriction: || (== dnxcore50) (>= netstandard1.6)
      System.Text.Encoding (>= 4.3) - restriction: || (== dnxcore50) (>= netstandard1.6)
      System.Threading (>= 4.3) - restriction: || (== dnxcore50) (>= netstandard1.6)
    System.Security.Principal (4.3) - restriction: == uap10.0
    System.ServiceModel.Duplex (4.4) - restriction: == uap10.0
    System.ServiceModel.Http (4.4) - restriction: == uap10.0
    System.ServiceModel.NetTcp (4.4) - restriction: == uap10.0
    System.ServiceModel.Primitives (4.4) - restriction: == uap10.0
    System.ServiceModel.Security (4.4) - restriction: == uap10.0
    System.Text.Encoding (4.3) - restriction: || (== net45) (== net451) (>= netstandard1.3)
      Microsoft.NETCore.Platforms (>= 1.1) - restriction: || (== dnxcore50) (== netstandard1.0) (>= netstandard1.3)
      Microsoft.NETCore.Targets (>= 1.1) - restriction: || (== dnxcore50) (== netstandard1.0) (>= netstandard1.3)
      System.Runtime (>= 4.3) - restriction: || (== dnxcore50) (== netstandard1.0) (>= netstandard1.3)
    System.Text.Encoding.CodePages (4.4) - restriction: == uap10.0
    System.Text.Encoding.Extensions (4.3) - restriction: >= netstandard1.3
      Microsoft.NETCore.Platforms (>= 1.1) - restriction: || (== dnxcore50) (== netstandard1.0) (>= netstandard1.3)
      Microsoft.NETCore.Targets (>= 1.1) - restriction: || (== dnxcore50) (== netstandard1.0) (>= netstandard1.3)
      System.Runtime (>= 4.3) - restriction: || (== dnxcore50) (== netstandard1.0) (>= netstandard1.3)
      System.Text.Encoding (>= 4.3) - restriction: || (== dnxcore50) (== netstandard1.0) (>= netstandard1.3)
    System.Text.RegularExpressions (4.3) - restriction: >= netstandard1.3
      System.Collections (>= 4.3) - restriction: || (== dnxcore50) (>= netstandard1.6)
      System.Globalization (>= 4.3) - restriction: || (== dnxcore50) (>= netstandard1.6)
      System.Resources.ResourceManager (>= 4.3) - restriction: || (== dnxcore50) (>= netstandard1.6)
      System.Runtime (>= 4.3) - restriction: || (== dnxcore50) (== netstandard1.0) (== netstandard1.3) (>= netstandard1.6)
      System.Runtime.Extensions (>= 4.3) - restriction: || (== dnxcore50) (>= netstandard1.6)
      System.Threading (>= 4.3) - restriction: || (== dnxcore50) (>= netstandard1.6)
    System.Threading (4.3) - restriction: || (== net45) (== net451) (>= netstandard1.3)
      System.Runtime (>= 4.3) - restriction: || (== dnxcore50) (== netstandard1.0) (>= netstandard1.3)
      System.Threading.Tasks (>= 4.3) - restriction: || (== dnxcore50) (== netstandard1.0) (>= netstandard1.3)
    System.Threading.Overlapped (4.3) - restriction: == uap10.0
    System.Threading.Tasks (4.3) - restriction: || (== net45) (== net451) (>= netstandard1.3)
      Microsoft.NETCore.Platforms (>= 1.1) - restriction: || (== dnxcore50) (== netstandard1.0) (>= netstandard1.3)
      Microsoft.NETCore.Targets (>= 1.1) - restriction: || (== dnxcore50) (== netstandard1.0) (>= netstandard1.3)
      System.Runtime (>= 4.3) - restriction: || (== dnxcore50) (== netstandard1.0) (>= netstandard1.3)
    System.Threading.Tasks.Dataflow (4.8) - restriction: == uap10.0
    System.Threading.Tasks.Extensions (4.4) - restriction: >= netstandard1.3
    System.Threading.Tasks.Parallel (4.3) - restriction: || (== uap10.0) (>= netstandard1.6)
      System.Collections.Concurrent (>= 4.3) - restriction: || (== dnxcore50) (== netstandard1.1) (>= netstandard1.3)
      System.Diagnostics.Debug (>= 4.3) - restriction: || (== dnxcore50) (>= netstandard1.3)
      System.Diagnostics.Tracing (>= 4.3) - restriction: || (== dnxcore50) (>= netstandard1.3)
      System.Resources.ResourceManager (>= 4.3) - restriction: || (== dnxcore50) (>= netstandard1.3)
      System.Runtime (>= 4.3) - restriction: || (== dnxcore50) (== netstandard1.1) (>= netstandard1.3)
      System.Runtime.Extensions (>= 4.3) - restriction: || (== dnxcore50) (>= netstandard1.3)
      System.Threading (>= 4.3) - restriction: || (== dnxcore50) (>= netstandard1.3)
      System.Threading.Tasks (>= 4.3) - restriction: || (== dnxcore50) (== netstandard1.1) (>= netstandard1.3)
    System.Threading.Thread (4.3) - restriction: >= netstandard1.6
      System.Runtime (>= 4.3) - restriction: >= netstandard1.3
    System.Threading.ThreadPool (4.3) - restriction: >= netstandard1.6
      System.Runtime (>= 4.3) - restriction: >= netstandard1.3
      System.Runtime.Handles (>= 4.3) - restriction: >= netstandard1.3
    System.Threading.Timer (4.3) - restriction: >= netstandard1.3
      Microsoft.NETCore.Platforms (>= 1.1) - restriction: || (== dnxcore50) (>= netstandard1.2)
      Microsoft.NETCore.Targets (>= 1.1) - restriction: || (== dnxcore50) (>= netstandard1.2)
      System.Runtime (>= 4.3) - restriction: || (== dnxcore50) (>= netstandard1.2)
    System.Xml.ReaderWriter (4.3) - restriction: >= netstandard1.3
      System.Collections (>= 4.3) - restriction: || (== dnxcore50) (>= netstandard1.3)
      System.Diagnostics.Debug (>= 4.3) - restriction: || (== dnxcore50) (>= netstandard1.3)
      System.Globalization (>= 4.3) - restriction: || (== dnxcore50) (>= netstandard1.3)
      System.IO (>= 4.3) - restriction: || (== dnxcore50) (== netstandard1.0) (>= netstandard1.3)
      System.IO.FileSystem (>= 4.3) - restriction: || (== dnxcore50) (>= netstandard1.3)
      System.IO.FileSystem.Primitives (>= 4.3) - restriction: || (== dnxcore50) (>= netstandard1.3)
      System.Resources.ResourceManager (>= 4.3) - restriction: || (== dnxcore50) (>= netstandard1.3)
      System.Runtime (>= 4.3) - restriction: || (== dnxcore50) (== netstandard1.0) (>= netstandard1.3)
      System.Runtime.Extensions (>= 4.3) - restriction: || (== dnxcore50) (>= netstandard1.3)
      System.Runtime.InteropServices (>= 4.3) - restriction: || (== dnxcore50) (>= netstandard1.3)
      System.Text.Encoding (>= 4.3) - restriction: || (== dnxcore50) (== netstandard1.0) (>= netstandard1.3)
      System.Text.Encoding.Extensions (>= 4.3) - restriction: || (== dnxcore50) (>= netstandard1.3)
      System.Text.RegularExpressions (>= 4.3) - restriction: || (== dnxcore50) (>= netstandard1.3)
      System.Threading.Tasks (>= 4.3) - restriction: || (== dnxcore50) (== netstandard1.0) (>= netstandard1.3)
      System.Threading.Tasks.Extensions (>= 4.3) - restriction: || (== dnxcore50) (>= netstandard1.3)
    System.Xml.XDocument (4.3) - restriction: >= netstandard1.3
      System.Collections (>= 4.3) - restriction: || (== dnxcore50) (>= netstandard1.3)
      System.Diagnostics.Debug (>= 4.3) - restriction: || (== dnxcore50) (>= netstandard1.3)
      System.Diagnostics.Tools (>= 4.3) - restriction: || (== dnxcore50) (>= netstandard1.3)
      System.Globalization (>= 4.3) - restriction: || (== dnxcore50) (>= netstandard1.3)
      System.IO (>= 4.3) - restriction: || (== dnxcore50) (== netstandard1.0) (>= netstandard1.3)
      System.Reflection (>= 4.3) - restriction: || (== dnxcore50) (>= netstandard1.3)
      System.Resources.ResourceManager (>= 4.3) - restriction: || (== dnxcore50) (>= netstandard1.3)
      System.Runtime (>= 4.3) - restriction: || (== dnxcore50) (== netstandard1.0) (>= netstandard1.3)
      System.Runtime.Extensions (>= 4.3) - restriction: || (== dnxcore50) (>= netstandard1.3)
      System.Text.Encoding (>= 4.3) - restriction: || (== dnxcore50) (>= netstandard1.3)
      System.Threading (>= 4.3) - restriction: || (== dnxcore50) (>= netstandard1.3)
      System.Xml.ReaderWriter (>= 4.3) - restriction: || (== dnxcore50) (== netstandard1.0) (>= netstandard1.3)
    System.Xml.XmlDocument (4.3) - restriction: || (== uap10.0) (== netstandard1.3) (>= netstandard1.6)
      System.Collections (>= 4.3) - restriction: >= netstandard1.3
      System.Diagnostics.Debug (>= 4.3) - restriction: >= netstandard1.3
      System.Globalization (>= 4.3) - restriction: >= netstandard1.3
      System.IO (>= 4.3) - restriction: >= netstandard1.3
      System.Resources.ResourceManager (>= 4.3) - restriction: >= netstandard1.3
      System.Runtime (>= 4.3) - restriction: >= netstandard1.3
      System.Runtime.Extensions (>= 4.3) - restriction: >= netstandard1.3
      System.Text.Encoding (>= 4.3) - restriction: >= netstandard1.3
      System.Threading (>= 4.3) - restriction: >= netstandard1.3
      System.Xml.ReaderWriter (>= 4.3) - restriction: >= netstandard1.3
    System.Xml.XmlSerializer (4.3) - restriction: == uap10.0
    System.Xml.XPath (4.3) - restriction: || (== uap10.0) (== netstandard1.3) (>= netstandard1.6)
      System.Collections (>= 4.3) - restriction: >= netstandard1.3
      System.Diagnostics.Debug (>= 4.3) - restriction: >= netstandard1.3
      System.Globalization (>= 4.3) - restriction: >= netstandard1.3
      System.IO (>= 4.3) - restriction: >= netstandard1.3
      System.Resources.ResourceManager (>= 4.3) - restriction: >= netstandard1.3
      System.Runtime (>= 4.3) - restriction: >= netstandard1.3
      System.Runtime.Extensions (>= 4.3) - restriction: >= netstandard1.3
      System.Threading (>= 4.3) - restriction: >= netstandard1.3
      System.Xml.ReaderWriter (>= 4.3) - restriction: >= netstandard1.3
    System.Xml.XPath.XDocument (4.3) - restriction: == uap10.0
    System.Xml.XPath.XmlDocument (4.3) - restriction: || (== uap10.0) (== netstandard1.3) (>= netstandard1.6)
      System.Collections (>= 4.3) - restriction: >= netstandard1.3
      System.Globalization (>= 4.3) - restriction: >= netstandard1.3
      System.IO (>= 4.3) - restriction: >= netstandard1.3
      System.Resources.ResourceManager (>= 4.3) - restriction: >= netstandard1.3
      System.Runtime (>= 4.3) - restriction: >= netstandard1.3
      System.Runtime.Extensions (>= 4.3) - restriction: >= netstandard1.3
      System.Threading (>= 4.3) - restriction: >= netstandard1.3
      System.Xml.ReaderWriter (>= 4.3) - restriction: >= netstandard1.3
      System.Xml.XmlDocument (>= 4.3) - restriction: >= netstandard1.3
      System.Xml.XPath (>= 4.3) - restriction: >= netstandard1.3
    WebSharper (3.6.20.6)
    WebSharper.Html (3.6.12.2)
      IntelliFactory.Xml (>= 0.6.63.95)
      WebSharper (>= 3.6.20.6)
    Zlib.Portable (1.11) - restriction: || (>= portable-net45+win8+sl5) (>= portable-net45+win8+wp8+wpa81)
