NUGET
  remote: http://api.nuget.org/v3/index.json
  specs:
    Argu (3.2.0)
    ExcelDataReader (2.1.2.3)
      SharpZipLib (>= 0.86.0)
    Exira.ErrorHandling (0.2.39)
      fsharp.core
    Exira.SimpleHttpServer (1.0.6)
      Argu
      Exira.ErrorHandling
      fsharp.core
      Microsoft.Owin.Host.HttpListener
      Microsoft.Owin.Hosting
      Microsoft.Owin.StaticFiles
    FAKE (4.36.0)
    fsharp.core (4.0.0.1)
    fsharp.data (2.3.2)
      Zlib.Portable (>= 1.11.0)
    HtmlAgilityPack (1.4.9.5)
    imageprocessor (2.4.4)
    IntelliFactory.Xml (0.6.63.95)
    markdownsharp (1.13.0)
    Microsoft.Owin (3.0.1)
      Owin (>= 1.0.0)
    Microsoft.Owin.FileSystems (3.0.1)
    Microsoft.Owin.Host.HttpListener (3.0.1)
    Microsoft.Owin.Hosting (3.0.1)
      Microsoft.Owin (>= 3.0.1)
      Owin (>= 1.0.0)
    Microsoft.Owin.StaticFiles (3.0.1)
      Microsoft.Owin (>= 3.0.1)
      Microsoft.Owin.FileSystems (>= 3.0.1)
      Owin (>= 1.0.0)
    Node.js (5.3.0)
    npm.js (2.13.1)
      Node.js (>= 0.12.7)
    Owin (1.0.0)
    SharpZipLib (0.86.0)
    WebSharper (3.6.14.237)
    websharper.html (3.6.10.22)
      IntelliFactory.Xml (>= 0.6.63.95)
      WebSharper (>= 3.6.12.235)
    Zlib.Portable (1.11.0)
