NUGET
  remote: http://api.nuget.org/v3/index.json
    Argu (3.2)
    ExcelDataReader (2.1.2.3)
      SharpZipLib (>= 0.86)
    Exira.ErrorHandling (0.2.39)
      FSharp.Core
    Exira.SimpleHttpServer (1.0.6)
      Argu
      Exira.ErrorHandling
      FSharp.Core
      Microsoft.Owin.Host.HttpListener
      Microsoft.Owin.Hosting
      Microsoft.Owin.StaticFiles
    FAKE (4.58.6)
    FSharp.Core (4.0.0.1)
    FSharp.Data (2.3.2)
      Zlib.Portable (>= 1.11) - restriction: || (>= portable-net45+win8+sl5) (>= portable-net45+win8+wp8+wpa81)
    HtmlAgilityPack (1.4.9.5)
    ImageProcessor (2.4.4)
    IntelliFactory.Xml (0.6.63.95)
    MarkdownSharp (1.13)
    Microsoft.Owin (3.0.1)
      Owin (>= 1.0)
    Microsoft.Owin.FileSystems (3.0.1)
    Microsoft.Owin.Host.HttpListener (3.0.1)
    Microsoft.Owin.Hosting (3.0.1)
      Microsoft.Owin (>= 3.0.1)
      Owin (>= 1.0)
    Microsoft.Owin.StaticFiles (3.0.1)
      Microsoft.Owin (>= 3.0.1)
      Microsoft.Owin.FileSystems (>= 3.0.1)
      Owin (>= 1.0)
    Node.js (5.3)
    Npm.js (2.13.1)
      Node.js (>= 0.12.7)
    Owin (1.0)
    SharpZipLib (0.86)
    WebSharper (3.6.17.240)
    WebSharper.Html (3.6.10.22)
      IntelliFactory.Xml (>= 0.6.63.95)
      WebSharper (>= 3.6.12.235)
    Zlib.Portable (1.11) - restriction: || (>= portable-net45+win8+sl5) (>= portable-net45+win8+wp8+wpa81)
HTTP
  remote: https://getcomposer.org
    composer-setup.php (/installer)