NUGET
  remote: https://nuget.org/api/v2
  specs:
    Argu (1.1.2)
    Exira.ErrorHandling (0.1.33)
      FSharp.Core
    Exira.SimpleHttpServer (1.0.3)
      Argu
      Exira.ErrorHandling
      FSharp.Core
      Microsoft.Owin.Host.HttpListener
      Microsoft.Owin.Hosting
      Microsoft.Owin.StaticFiles
    FSharp.Core (4.0.0.1)
    FSharp.Data (2.2.5)
      Zlib.Portable (>= 1.10.0) - framework: portable-net40+sl50+wp80+win80
    IntelliFactory.Xml (0.6.63.95)
    MarkdownDeep.NET (1.5.0)
    Microsoft.Owin (3.0.1)
      Owin (>= 1.0)
    Microsoft.Owin.FileSystems (3.0.1)
    Microsoft.Owin.Host.HttpListener (3.0.1)
    Microsoft.Owin.Hosting (3.0.1)
      Microsoft.Owin (>= 3.0.1)
      Owin (>= 1.0)
    Microsoft.Owin.StaticFiles (3.0.1)
      Microsoft.Owin (>= 3.0.1)
      Microsoft.Owin.FileSystems (>= 3.0.1)
      Owin (>= 1.0)
    Owin (1.0.0)
    WebSharper (3.6.2.220)
    WebSharper.Html (3.6.2.12)
      IntelliFactory.Xml
      WebSharper (>= 3.6.2.220)
    Zlib.Portable (1.11.0) - framework: portable-net40+sl50+wp80+win80
